GIT
  remote: git://github.com/delphist/activeadmin_reorderable.git
  revision: 349de221827d1ddda2cd92948885ca4a3cf37521
  branch: feature/add-belongs-to-support
  specs:
    activeadmin_reorderable (0.0.3)

GIT
  remote: git://github.com/kaminari/kaminari.git
  revision: e95bb74abba741299df3ed4bde2dba91d5313936
  ref: e95bb74
  specs:
    kaminari (1.0.1)
      activesupport (>= 4.1.0)
      kaminari-actionview (= 1.0.1)
      kaminari-activerecord (= 1.0.1)
      kaminari-core (= 1.0.1)
    kaminari-actionview (1.0.1)
      actionview
      kaminari-core (= 1.0.1)
    kaminari-activerecord (1.0.1)
      activerecord
      kaminari-core (= 1.0.1)
    kaminari-core (1.0.1)

GIT
  remote: git://github.com/seuros/capistrano-puma.git
  revision: bcb4887c39559a803db174ee30ccf8ca991bc180
  specs:
    capistrano3-puma (3.1.1)
      capistrano (~> 3.7)
      capistrano-bundler
      puma (~> 3.4)

GIT
  remote: https://github.com/mokevnin/ipgeobase
  revision: 2e4c6195ff38a62203258efefa6d183dc0e06deb
  specs:
    ipgeobase (0.1.2)
      happymapper
      iconv

GEM
  remote: http://rubygems.org/
  specs:
    aasm (4.12.1)
      concurrent-ruby (~> 1.0)
    actioncable (5.1.2)
      actionpack (= 5.1.2)
      nio4r (~> 2.0)
      websocket-driver (~> 0.6.1)
    actionmailer (5.1.2)
      actionpack (= 5.1.2)
      actionview (= 5.1.2)
      activejob (= 5.1.2)
      mail (~> 2.5, >= 2.5.4)
      rails-dom-testing (~> 2.0)
    actionpack (5.1.2)
      actionview (= 5.1.2)
      activesupport (= 5.1.2)
      rack (~> 2.0)
      rack-test (~> 0.6.3)
      rails-dom-testing (~> 2.0)
      rails-html-sanitizer (~> 1.0, >= 1.0.2)
    actionview (5.1.2)
      activesupport (= 5.1.2)
      builder (~> 3.1)
      erubi (~> 1.4)
      rails-dom-testing (~> 2.0)
      rails-html-sanitizer (~> 1.0, >= 1.0.3)
    activeadmin (1.1.0)
      arbre (>= 1.1.1)
      coffee-rails
      formtastic (~> 3.1)
      formtastic_i18n
      inherited_resources (~> 1.7)
      jquery-rails
      kaminari (>= 0.15, < 2.0)
      railties (>= 4.2, < 5.2)
      ransack (~> 1.3)
      sass (~> 3.1)
      sprockets (< 4.1)
    activeadmin_addons (0.12.0)
      railties
      select2-rails (~> 3.5.9)
      xdan-datetimepicker-rails (~> 2.5.1)
    activejob (5.1.2)
      activesupport (= 5.1.2)
      globalid (>= 0.3.6)
    activemodel (5.1.2)
      activesupport (= 5.1.2)
    activemodel-serializers-xml (1.0.1)
      activemodel (> 5.x)
      activerecord (> 5.x)
      activesupport (> 5.x)
      builder (~> 3.1)
    activerecord (5.1.2)
      activemodel (= 5.1.2)
      activesupport (= 5.1.2)
      arel (~> 8.0)
    activesupport (5.1.2)
      concurrent-ruby (~> 1.0, >= 1.0.2)
      i18n (~> 0.7)
      minitest (~> 5.1)
      tzinfo (~> 1.1)
    acts_as_list (0.9.7)
      activerecord (>= 3.0)
    addressable (2.5.2)
      public_suffix (>= 2.0.2, < 4.0)
    airbrussh (1.3.0)
      sshkit (>= 1.6.1, != 1.7.0)
    annotate (2.7.2)
      activerecord (>= 3.2, < 6.0)
      rake (>= 10.4, < 13.0)
    arbre (1.1.1)
      activesupport (>= 3.0.0)
    arel (8.0.0)
    ast (2.3.0)
    awesome_nested_set (3.1.3)
      activerecord (>= 4.0.0, < 5.2)
    axiom-types (0.1.1)
      descendants_tracker (~> 0.0.4)
      ice_nine (~> 0.11.0)
      thread_safe (~> 0.3, >= 0.3.1)
    babel-source (5.8.35)
    babel-transpiler (0.7.0)
      babel-source (>= 4.0, < 6)
      execjs (~> 2.0)
    baby_squeel (1.1.5)
      activerecord (>= 4.2.0)
      polyamorous (~> 1.3)
    bcrypt (3.1.11)
    bcrypt-ruby (3.1.5)
      bcrypt (>= 3.1.3)
    better_errors (2.1.1)
      coderay (>= 1.0.0)
      erubis (>= 2.6.6)
      rack (>= 0.9.0)
    binding_of_caller (0.7.2)
      debug_inspector (>= 0.0.1)
    builder (3.2.3)
    byebug (9.0.6)
    capistrano (3.8.2)
      airbrussh (>= 1.0.0)
      i18n
      rake (>= 10.0.0)
      sshkit (>= 1.9.0)
    capistrano-bundler (1.2.0)
      capistrano (~> 3.1)
      sshkit (~> 1.2)
    capistrano-rails (1.3.0)
      capistrano (~> 3.1)
      capistrano-bundler (~> 1.1)
    capistrano-rvm (0.1.2)
      capistrano (~> 3.0)
      sshkit (~> 1.2)
    capistrano-yarn (2.0.2)
      capistrano (~> 3.0)
    capybara (2.13.0)
      addressable
      mime-types (>= 1.16)
      nokogiri (>= 1.3.3)
      rack (>= 1.0.0)
      rack-test (>= 0.5.4)
      xpath (~> 2.0)
    capybara-screenshot (1.0.17)
      capybara (>= 1.0, < 3)
      launchy
    capybara-vue (0.0.1)
      capybara
    capybara-webkit (1.14.0)
      capybara (>= 2.3.0, < 2.14.0)
      json
    carrierwave (1.1.0)
      activemodel (>= 4.0.0)
      activesupport (>= 4.0.0)
      mime-types (>= 1.16)
    cells (4.1.7)
      declarative-builder (< 0.2.0)
      declarative-option (< 0.2.0)
      tilt (>= 1.4, < 3)
      uber (< 0.2.0)
    childprocess (0.7.1)
      ffi (~> 1.0, >= 1.0.11)
    coderay (1.1.1)
    coercible (1.0.0)
      descendants_tracker (~> 0.0.1)
    coffee-rails (4.2.2)
      coffee-script (>= 2.2.0)
      railties (>= 4.0.0)
    coffee-script (2.4.1)
      coffee-script-source
      execjs
    coffee-script-source (1.12.2)
    concurrent-ruby (1.0.5)
    configatron (4.5.1)
    connection_pool (2.2.1)
    crack (0.4.3)
      safe_yaml (~> 1.0.0)
    debug_inspector (0.0.3)
    declarative (0.0.9)
    declarative-builder (0.1.0)
      declarative-option (< 0.2.0)
    declarative-option (0.1.0)
    descendants_tracker (0.0.4)
      thread_safe (~> 0.3, >= 0.3.1)
    devise (4.3.0)
      bcrypt (~> 3.0)
      orm_adapter (~> 0.1)
      railties (>= 4.1.0, < 5.2)
      responders
      warden (~> 1.2.3)
    devise_lastseenable (0.0.6)
      devise
      rails (>= 3.0.4)
    diff-lcs (1.3)
    disposable (0.4.3)
      declarative (>= 0.0.9, < 1.0.0)
      declarative-builder (< 0.2.0)
      declarative-option (< 0.2.0)
      representable (>= 2.4.0, <= 3.1.0)
      uber (< 0.2.0)
    docile (1.1.5)
    dotiw (4.0.0)
      actionpack (>= 4)
      i18n
    draper (3.0.0)
      actionpack (~> 5.0)
      activemodel (~> 5.0)
      activemodel-serializers-xml (~> 1.0)
      activesupport (~> 5.0)
      request_store (~> 1.0)
    dry-configurable (0.7.0)
      concurrent-ruby (~> 1.0)
    dry-container (0.6.0)
      concurrent-ruby (~> 1.0)
      dry-configurable (~> 0.1, >= 0.1.3)
    dry-core (0.3.1)
      concurrent-ruby (~> 1.0)
    dry-equalizer (0.2.0)
    dry-logic (0.4.1)
      dry-container (~> 0.2, >= 0.2.6)
      dry-core (~> 0.2)
      dry-equalizer (~> 0.2)
    dry-types (0.11.0)
      concurrent-ruby (~> 1.0)
      dry-configurable (~> 0.1)
      dry-container (~> 0.3)
      dry-core (~> 0.2, >= 0.2.1)
      dry-equalizer (~> 0.2)
      dry-logic (~> 0.4, >= 0.4.0)
      inflecto (~> 0.0.0, >= 0.0.2)
    dry-validation (0.11.0)
      concurrent-ruby (~> 1.0)
      dry-configurable (~> 0.1, >= 0.1.3)
      dry-core (~> 0.2, >= 0.2.1)
      dry-equalizer (~> 0.2)
      dry-logic (~> 0.4, >= 0.4.0)
      dry-types (~> 0.11.0)
    elasticsearch (5.0.4)
      elasticsearch-api (= 5.0.4)
      elasticsearch-transport (= 5.0.4)
    elasticsearch-api (5.0.4)
      multi_json
    elasticsearch-transport (5.0.4)
      faraday
      multi_json
    enumerize (2.1.2)
      activesupport (>= 3.2)
    equalizer (0.0.11)
    erubi (1.6.1)
    erubis (2.7.0)
    execjs (2.7.0)
    factory_girl (4.8.0)
      activesupport (>= 3.0.0)
    factory_girl_rails (4.8.0)
      factory_girl (~> 4.8.0)
      railties (>= 3.0.0)
    faker (1.8.4)
      i18n (~> 0.5)
    faraday (0.12.2)
      multipart-post (>= 1.2, < 3)
    ffi (1.9.18)
    figaro (1.1.1)
      thor (~> 0.14)
    foreman (0.84.0)
      thor (~> 0.19.1)
    formtastic (3.1.5)
      actionpack (>= 3.2.13)
    formtastic_i18n (0.6.0)
    friendly_id (5.1.0)
      activerecord (>= 4.0.0)
    globalid (0.4.0)
      activesupport (>= 4.2.0)
    grape (1.0.0)
      activesupport
      builder
      mustermann-grape (~> 1.0.0)
      rack (>= 1.3.0)
      rack-accept
      virtus (>= 1.0.0)
    grape-entity (0.6.1)
      activesupport (>= 5.0.0)
      multi_json (>= 1.3.2)
    grape-swagger (0.27.3)
      grape (>= 0.16.2)
    grape-swagger-entity (0.2.1)
      grape-entity (>= 0.5.0)
      grape-swagger (>= 0.20.4)
    happymapper (0.4.1)
      libxml-ruby (~> 2.0)
    has_scope (0.7.1)
      actionpack (>= 4.1, < 5.2)
      activesupport (>= 4.1, < 5.2)
    hashdiff (0.3.4)
    hashie (3.5.6)
    hashie-forbidden_attributes (0.1.1)
      hashie (>= 3.0)
    httparty (0.15.6)
      multi_xml (>= 0.5.2)
    i18n (0.8.6)
    ice_nine (0.11.2)
    iconv (1.0.4)
    inflecto (0.0.2)
    inherited_resources (1.7.2)
      actionpack (>= 3.2, < 5.2.x)
      has_scope (~> 0.6)
      railties (>= 3.2, < 5.2.x)
      responders
    jbuilder (2.7.0)
      activesupport (>= 4.2.0)
      multi_json (>= 1.2)
    jquery-rails (4.3.1)
      rails-dom-testing (>= 1, < 3)
      railties (>= 4.2.0)
      thor (>= 0.14, < 2.0)
    json (2.1.0)
    jwt (1.5.6)
    launchy (2.4.3)
      addressable (~> 2.3)
    letter_opener (1.4.1)
      launchy (~> 2.2)
    libv8 (5.9.211.38.1)
    libxml-ruby (2.9.0)
    loofah (2.0.3)
      nokogiri (>= 1.5.9)
    mail (2.6.6)
      mime-types (>= 1.16, < 4)
    meta-tags (2.4.1)
      actionpack (>= 3.2.0, < 5.2)
    method_source (0.8.2)
    mime-types (3.1)
      mime-types-data (~> 3.2015)
    mime-types-data (3.2016.0521)
    mini_magick (4.8.0)
    mini_portile2 (2.2.0)
    mini_racer (0.1.12)
      libv8 (~> 5.9)
    minitest (5.10.3)
    multi_json (1.12.1)
    multi_xml (0.6.0)
    multipart-post (2.0.0)
    mustermann (1.0.0)
    mustermann-grape (1.0.0)
      mustermann (~> 1.0.0)
    net-scp (1.2.1)
      net-ssh (>= 2.6.5)
    net-ssh (4.1.0)
    nio4r (2.1.0)
    nokogiri (1.8.0)
      mini_portile2 (~> 2.2.0)
    oauth2 (1.4.0)
      faraday (>= 0.8, < 0.13)
      jwt (~> 1.0)
      multi_json (~> 1.3)
      multi_xml (~> 0.5)
      rack (>= 1.2, < 3)
    oj (3.3.2)
    omniauth (1.6.1)
      hashie (>= 3.4.6, < 3.6.0)
      rack (>= 1.6.2, < 3)
    omniauth-facebook (4.0.0)
      omniauth-oauth2 (~> 1.2)
    omniauth-oauth2 (1.4.0)
      oauth2 (~> 1.0)
      omniauth (~> 1.2)
    omniauth-odnoklassniki (0.0.7)
      omniauth (~> 1.0)
      omniauth-oauth2 (~> 1.0)
    omniauth-vkontakte (1.4.0)
      omniauth-oauth2 (~> 1.2)
    orm_adapter (0.5.0)
    parallel (1.12.0)
    parser (2.4.0.0)
      ast (~> 2.2)
    petrovich (1.1.1)
    pg (0.21.0)
    phony (2.15.47)
    phony_rails (0.14.6)
      activesupport (>= 3.0)
      phony (> 2.15)
    pipetree (0.1.1)
    polyamorous (1.3.1)
      activerecord (>= 3.0)
    powerpack (0.1.1)
    pry (0.10.4)
      coderay (~> 1.1.0)
      method_source (~> 0.8.1)
      slop (~> 3.4)
    pry-byebug (3.4.2)
      byebug (~> 9.0)
      pry (~> 0.10)
    pry-rails (0.3.6)
      pry (>= 0.10.4)
    pry-stack_explorer (0.4.9.2)
      binding_of_caller (>= 0.7)
      pry (>= 0.9.11)
    public_suffix (3.0.0)
    puma (3.8.1)
    pundit (1.1.0)
      activesupport (>= 3.0.0)
    rabl (0.13.1)
      activesupport (>= 2.3.14)
    rack (2.0.3)
    rack-accept (0.4.5)
      rack (>= 0.4)
    rack-protection (2.0.0)
      rack
    rack-test (0.6.3)
      rack (>= 1.0)
    rails (5.1.2)
      actioncable (= 5.1.2)
      actionmailer (= 5.1.2)
      actionpack (= 5.1.2)
      actionview (= 5.1.2)
      activejob (= 5.1.2)
      activemodel (= 5.1.2)
      activerecord (= 5.1.2)
      activesupport (= 5.1.2)
      bundler (>= 1.3.0, < 2.0)
      railties (= 5.1.2)
      sprockets-rails (>= 2.0.0)
    rails-controller-testing (1.0.2)
      actionpack (~> 5.x, >= 5.0.1)
      actionview (~> 5.x, >= 5.0.1)
      activesupport (~> 5.x)
    rails-dom-testing (2.0.3)
      activesupport (>= 4.2.0)
      nokogiri (>= 1.6)
    rails-html-sanitizer (1.0.3)
      loofah (~> 2.0)
    railties (5.1.2)
      actionpack (= 5.1.2)
      activesupport (= 5.1.2)
      method_source
      rake (>= 0.8.7)
      thor (>= 0.18.1, < 2.0)
    rainbow (2.2.2)
      rake
    rake (11.3.0)
    ransack (1.8.3)
      actionpack (>= 3.0)
      activerecord (>= 3.0)
      activesupport (>= 3.0)
      i18n
      polyamorous (~> 1.3)
    rb-fsevent (0.10.2)
    rb-inotify (0.9.10)
      ffi (>= 0.5.0, < 2)
    react-rails (2.2.1)
      babel-transpiler (>= 0.7.0)
      connection_pool
      execjs
      railties (>= 3.2)
      tilt
    recursive-open-struct (1.0.5)
    redis (3.3.3)
    reform (2.2.4)
      disposable (>= 0.4.1)
      representable (>= 2.4.0, < 3.1.0)
    reform-rails (0.1.7)
      activemodel (>= 3.2)
      reform (>= 2.2.0)
    render_anywhere (0.0.12)
      rails (>= 3.0.7)
    representable (3.0.4)
      declarative (< 0.1.0)
      declarative-option (< 0.2.0)
      uber (< 0.2.0)
    request_store (1.3.2)
    responders (2.4.0)
      actionpack (>= 4.2.0, < 5.3)
      railties (>= 4.2.0, < 5.3)
    rmagick (2.16.0)
    rspec (3.6.0)
      rspec-core (~> 3.6.0)
      rspec-expectations (~> 3.6.0)
      rspec-mocks (~> 3.6.0)
    rspec-core (3.6.0)
      rspec-support (~> 3.6.0)
    rspec-expectations (3.6.0)
      diff-lcs (>= 1.2.0, < 2.0)
      rspec-support (~> 3.6.0)
    rspec-its (1.2.0)
      rspec-core (>= 3.0.0)
      rspec-expectations (>= 3.0.0)
    rspec-mocks (3.6.0)
      diff-lcs (>= 1.2.0, < 2.0)
      rspec-support (~> 3.6.0)
    rspec-rails (3.6.0)
      actionpack (>= 3.0)
      activesupport (>= 3.0)
      railties (>= 3.0)
      rspec-core (~> 3.6.0)
      rspec-expectations (~> 3.6.0)
      rspec-mocks (~> 3.6.0)
      rspec-support (~> 3.6.0)
    rspec-support (3.6.0)
    rubocop (0.49.1)
      parallel (~> 1.10)
      parser (>= 2.3.3.1, < 3.0)
      powerpack (~> 0.1)
      rainbow (>= 1.99.1, < 3.0)
      ruby-progressbar (~> 1.7)
      unicode-display_width (~> 1.0, >= 1.0.1)
    rubocop-rspec-focused (0.1.0)
      rubocop (>= 0.37)
    ruby-progressbar (1.8.1)
    ruby_parser (3.10.1)
      sexp_processor (~> 4.9)
    rubyzip (1.2.1)
    russian (0.6.0)
      i18n (>= 0.5.0)
    safe_yaml (1.0.4)
    sass (3.5.1)
      sass-listen (~> 4.0.0)
    sass-listen (4.0.0)
      rb-fsevent (~> 0.9, >= 0.9.4)
      rb-inotify (~> 0.9, >= 0.9.7)
    searchkick (2.3.1)
      activemodel (>= 4.1)
      elasticsearch (>= 1)
      hashie
    select2-rails (3.5.10)
      thor (~> 0.14)
    selenium-webdriver (3.4.3)
      childprocess (~> 0.5)
      rubyzip (~> 1.0)
    sexp_processor (4.10.0)
    shoulda (3.5.0)
      shoulda-context (~> 1.0, >= 1.0.1)
      shoulda-matchers (>= 1.4.1, < 3.0)
    shoulda-context (1.2.2)
    shoulda-matchers (2.8.0)
      activesupport (>= 3.0.0)
    sidekiq (5.0.4)
      concurrent-ruby (~> 1.0)
      connection_pool (~> 2.2, >= 2.2.0)
      rack-protection (>= 1.5.0)
      redis (~> 3.3, >= 3.3.3)
    simple_captcha2 (0.4.3)
      rails (>= 4.1)
    simple_form (3.5.0)
      actionpack (> 4, < 5.2)
      activemodel (> 4, < 5.2)
    simplecov (0.14.1)
      docile (~> 1.1.0)
      json (>= 1.8, < 3)
      simplecov-html (~> 0.10.0)
    simplecov-html (0.10.1)
    slackistrano (3.8.1)
      capistrano (>= 3.8.1)
    slim (3.0.8)
      temple (>= 0.7.6, < 0.9)
      tilt (>= 1.3.3, < 2.1)
    slim-rails (3.1.2)
      actionpack (>= 3.1)
      railties (>= 3.1)
      slim (~> 3.0)
    slop (3.6.0)
    spring (2.0.2)
      activesupport (>= 4.2)
    sprockets (3.7.1)
      concurrent-ruby (~> 1.0)
      rack (> 1, < 3)
    sprockets-rails (3.2.0)
      actionpack (>= 4.0)
      activesupport (>= 4.0)
      sprockets (>= 3.0.0)
    sshkit (1.14.0)
      net-scp (>= 1.1.2)
      net-ssh (>= 2.8.0)
    temple (0.8.0)
    thor (0.19.4)
    thread_safe (0.3.6)
    tilt (2.0.8)
    trailblazer (2.0.7)
      declarative
      reform (>= 2.2.0, < 3.0.0)
      trailblazer-operation (>= 0.0.12, < 0.1.0)
    trailblazer-cells (0.0.3)
      cells (>= 4.1.0.rc1, < 5.0.0)
    trailblazer-loader (0.1.2)
    trailblazer-operation (0.0.13)
      declarative
      pipetree (>= 0.1.1, < 0.2.0)
      uber
    trailblazer-rails (1.0.4)
      reform-rails (>= 0.1.4, < 0.2.0)
      trailblazer (>= 2.0.0, < 2.1.0)
      trailblazer-loader (>= 0.1.0)
    translit (0.1.5)
    tzinfo (1.2.3)
      thread_safe (~> 0.1)
    uber (0.1.0)
    uglifier (3.2.0)
      execjs (>= 0.3.0, < 3)
    unicode-display_width (1.3.0)
    virtus (1.0.5)
      axiom-types (~> 0.1)
      coercible (~> 1.0)
      descendants_tracker (~> 0.0, >= 0.0.3)
      equalizer (~> 0.0, >= 0.0.9)
    warden (1.2.7)
      rack (>= 1.0)
    webmock (3.0.1)
      addressable (>= 2.3.6)
      crack (>= 0.3.2)
      hashdiff
    webpacker (2.0)
      activesupport (>= 4.2)
      multi_json (~> 1.2)
      railties (>= 4.2)
    websocket-driver (0.6.5)
      websocket-extensions (>= 0.1.0)
    websocket-extensions (0.1.2)
    wicked (1.3.2)
      railties (>= 3.0.7)
    wicked_pdf (1.1.0)
    wkhtmltopdf-binary (0.12.3.1)
    xdan-datetimepicker-rails (2.5.4)
      jquery-rails
      rails (>= 3.2.16)
    xpath (2.1.0)
      nokogiri (~> 1.3)
    yui-compressor (0.12.0)

PLATFORMS
  ruby

DEPENDENCIES
  aasm
  activeadmin
  activeadmin_addons
  activeadmin_reorderable!
  acts_as_list
  annotate
  awesome_nested_set
  baby_squeel
  bcrypt-ruby
  better_errors
  binding_of_caller
  capistrano (~> 3.7)
  capistrano-rails (~> 1.2)
  capistrano-rvm
  capistrano-yarn
  capistrano3-puma!
  capybara
  capybara-screenshot
  capybara-vue
  capybara-webkit
  carrierwave (~> 1.0)
  cells
  coffee-rails
  configatron
  devise
  devise_lastseenable
  dotiw
  draper
  dry-validation
  enumerize
  erubis
  factory_girl_rails
  faker
  figaro
  foreman
  friendly_id (~> 5.1.0)
  grape
  grape-entity
  grape-swagger
  grape-swagger-entity
  hashie-forbidden_attributes
  httparty
  inherited_resources
  ipgeobase!
  jbuilder (~> 2.0)
  kaminari!
  letter_opener
  meta-tags
  mini_magick
  mini_racer
  nokogiri
  oj
  omniauth
  omniauth-facebook
  omniauth-odnoklassniki
  omniauth-vkontakte
  petrovich (~> 1.0)
  pg
  phony_rails
  pry-byebug
  pry-rails
  pry-stack_explorer
  puma (= 3.8.1)
  pundit
  rabl
  rails (~> 5.1)
  rails-controller-testing
  rake (= 11.3.0)
  react-rails
  recursive-open-struct
  render_anywhere
  rmagick
  rspec
  rspec-its
  rspec-rails
  rubocop
  rubocop-rspec-focused
  ruby_parser
  russian (~> 0.6.0)
  searchkick
  selenium-webdriver
  shoulda (~> 3.5)
  shoulda-matchers (~> 2.0)
  sidekiq
  simple_captcha2
  simple_form
  simplecov
  slackistrano
  slim-rails
  spring
  trailblazer
  trailblazer-cells
  trailblazer-rails
  translit
  uglifier
  webmock
  webpacker
  wicked
  wicked_pdf
  wkhtmltopdf-binary
  yui-compressor

RUBY VERSION
   ruby 2.3.1p112

BUNDLED WITH
   1.15.3
